GEM
  remote: http://rubygems.org/
  specs:
    activesupport (5.2.8.1)
      concurrent-ruby (~> 1.0, >= 1.0.2)
      i18n (>= 0.7, < 2)
      minitest (~> 5.1)
      tzinfo (~> 1.1)
    adsf (1.4.6)
      rack (>= 1.0.0, < 3.0.0)
    ast (2.4.2)
    bluecloth (2.2.0)
    builder (3.2.4)
    coderay (1.1.3)
    concurrent-ruby (1.1.10)
    cri (2.15.11)
    faraday (2.5.2)
      faraday-net_http (>= 2.0, < 3.1)
      ruby2_keywords (>= 0.0.4)
    faraday-net_http (3.0.0)
    htmlentities (4.3.4)
    i18n (1.12.0)
      concurrent-ruby (~> 1.0)
    json (2.6.2)
    kramdown (2.4.0)
      rexml
    method_source (1.0.0)
    mini_portile2 (2.8.0)
    minitest (5.16.3)
    nanoc (3.8.0)
      cri (~> 2.3)
    nokogiri (1.13.9)
      mini_portile2 (~> 2.8.0)
      racc (~> 1.4)
    parallel (1.22.1)
    parser (3.1.2.1)
      ast (~> 2.4.1)
    pdf-core (0.9.0)
    pg (0.18.4)
    prawn (2.4.0)
      pdf-core (~> 0.9.0)
      ttfunk (~> 1.7)
    prawn-table (0.2.2)
      prawn (>= 1.3.0, < 3.0.0)
    pry (0.14.1)
      coderay (~> 1.1)
      method_source (~> 1.0)
    racc (1.6.0)
    rack (2.2.4)
    rainbow (3.1.1)
    rainpress (1.0.1)
    regexp_parser (2.5.0)
    rexml (3.2.5)
    rmagick (4.0.0)
    rsolr (2.5.0)
      builder (>= 2.1.2)
      faraday (>= 0.9, < 3, != 2.0.0)
    rubocop (1.36.0)
      json (~> 2.3)
      parallel (~> 1.10)
      parser (>= 3.1.2.1)
      rainbow (>= 2.2.2, < 4.0)
      regexp_parser (>= 1.8, < 3.0)
      rexml (>= 3.2.5, < 4.0)
      rubocop-ast (>= 1.20.1, < 2.0)
      ruby-progressbar (~> 1.7)
      unicode-display_width (>= 1.4.0, < 3.0)
    rubocop-ast (1.21.0)
      parser (>= 3.1.1.0)
    ruby-progressbar (1.11.0)
    ruby2_keywords (0.0.5)
    systemu (2.6.5)
    thread_safe (0.3.6)
    ttfunk (1.7.0)
    tzinfo (1.2.10)
      thread_safe (~> 0.1)
    tzinfo-data (1.2022.3)
      tzinfo (>= 1.0.0)
    unicode-display_width (2.3.0)

PLATFORMS
  ruby

DEPENDENCIES
  activesupport (~> 5.0)
  adsf (~> 1.3)
  bluecloth
  builder
  cri
  htmlentities
  kramdown
  nanoc (= 3.8.0)
  nokogiri
  pg (~> 0.18.4)
  prawn
  prawn-table
  pry
  rainpress
  rmagick (= 4.0.0)
  rsolr
  rubocop
  systemu
  tzinfo
  tzinfo-data

BUNDLED WITH
   1.17.3
